GEM
  remote: http://gemcutter.org/
  specs:
    bson (1.1.5)
    bson_ext (1.1.2)
    haml (3.0.22)
    json (1.4.6)
    mongo (1.1.5)
      bson (>= 1.1.5)
    rack (1.2.2)
    sinatra (1.1.3)
      rack (~> 1.1)
      tilt (>= 1.2.2, < 2.0)
    tilt (1.2.2)

PLATFORMS
  ruby

DEPENDENCIES
  bson (= 1.1.5)
  bson_ext (= 1.1.2)
  haml (= 3.0.22)
  json (= 1.4.6)
  mongo (= 1.1.5)
  sinatra (= 1.1.3)
